GEM
  remote: http://rubygems.org/
  specs:
    RedCloth (4.2.7)
    actionmailer (2.3.11)
      actionpack (= 2.3.11)
    actionpack (2.3.11)
      activesupport (= 2.3.11)
      rack (~> 1.1.0)
    activerecord (2.3.11)
      activesupport (= 2.3.11)
    activeresource (2.3.11)
      activesupport (= 2.3.11)
    activesupport (2.3.11)
    bluecloth (2.0.11)
    coderay (0.9.7)
    columnize (0.3.2)
    daemons (1.0.10)
    delayed_job (2.0.7)
      activesupport (~> 2.0)
      daemons (= 1.0.10)
    exception_notification (2.3.3.0)
    highline (1.6.1)
    i18n (0.5.0)
    less (1.2.21)
      mutter (>= 0.4.2)
      treetop (>= 1.4.2)
    linecache (0.43)
    mail (2.2.15)
      activesupport (>= 2.3.6)
      i18n (>= 0.4.0)
      mime-types (~> 1.16)
      treetop (~> 1.4.8)
    mime-types (1.16)
    mutter (0.5.3)
    mysql (2.8.1)
    polyglot (0.3.1)
    rack (1.1.1)
    rails (2.3.11)
      actionmailer (= 2.3.11)
      actionpack (= 2.3.11)
      activerecord (= 2.3.11)
      activeresource (= 2.3.11)
      activesupport (= 2.3.11)
      rake (>= 0.8.3)
    rake (0.8.7)
    rspec (1.2.4)
    rspec-rails (1.2.4)
      rack (>= 0.4.0)
      rspec (= 1.2.4)
    ruby-debug (0.10.4)
      columnize (>= 0.1)
      ruby-debug-base (~> 0.10.4.0)
    ruby-debug-base (0.10.4)
      linecache (>= 0.3)
    ruby-openid (2.0.4)
    ruby-recaptcha (1.0.2)
    sqlite3 (1.3.3)
    treetop (1.4.9)
      polyglot (>= 0.3.1)
    will_paginate (2.3.15)

PLATFORMS
  ruby

DEPENDENCIES
  RedCloth
  bluecloth
  coderay
  delayed_job
  exception_notification
  highline
  less
  mail
  mysql
  rails (= 2.3.11)
  rspec (= 1.2.4)
  rspec-rails (= 1.2.4)
  ruby-debug
  ruby-openid (~> 2.0.4)
  ruby-recaptcha
  sqlite3
  will_paginate
